GEM
  specs:
    activesupport (2.3.10)
    bson (1.0.9)
    bson_ext (1.1.2)
    durran-validatable (2.0.1)
    haml (3.0.23)
    mongo (1.0.9)
      bson (>= 1.0.5)
    mongoid (1.9.2)
      activesupport (< 3.0.0)
      bson (~> 1.0.1)
      durran-validatable (>= 2.0.1)
      mongo (~> 1.0.1)
      will_paginate (< 2.9)
    rack (1.2.1)
    sinatra (1.1.0)
      rack (~> 1.1)
      tilt (~> 1.1)
    tilt (1.1)
    will_paginate (2.3.15)

PLATFORMS
  ruby

DEPENDENCIES
  bson_ext (= 1.1.2)
  haml
  mongoid (= 1.9.2)
  sinatra (= 1.1.0)
